GEM
  remote: https://rubygems.org/
  specs:
    builder (3.2.0)
    chunky_png (1.2.8)
    compass (0.12.2)
      chunky_png (~> 1.2)
      fssm (>= 0.2.7)
      sass (~> 3.1)
    daemons (1.1.9)
    dalli (2.6.2)
    eventmachine (1.0.3)
    fssm (0.2.10)
    hiredis (0.4.5)
    memcachier (0.0.2)
    rack (1.5.2)
    rack-cache (1.2)
      rack (>= 0.4)
    rack-protection (1.5.0)
      rack
    redcarpet (2.2.2)
    redis (3.0.4)
    sass (3.2.8)
    sinatra (1.4.2)
      rack (~> 1.5, >= 1.5.2)
      rack-protection (~> 1.4)
      tilt (~> 1.3, >= 1.3.4)
    slim (1.3.8)
      temple (~> 0.6.3)
      tilt (~> 1.3.3)
    temple (0.6.4)
    thin (1.5.1)
      daemons (>= 1.0.9)
      eventmachine (>= 0.12.6)
      rack (>= 1.0.0)
    tilt (1.3.7)
    town (0.4.9)
      redcarpet (~> 2.2.2)

PLATFORMS
  ruby

DEPENDENCIES
  builder
  compass
  dalli
  hiredis
  memcachier
  rack-cache
  redis
  sinatra
  slim
  thin
  town (~> 0.4.9)
